GIT
  remote: https://github.com/floraison/flor
  revision: a18f0b07b2c90a9fd69a1a3e409822f7f45d40c1
  specs:
    flor (0.15.0)
      fugit (>= 1.0.0)
      munemo (>= 1.0.1)
      raabro (>= 1.1.3)

PATH
  remote: .
  specs:
    flack (0.10.0)
      flor (~> 0.10)
      httpclient (~> 2.8)
      rack (~> 1.6)
      sequel (~> 4)

GEM
  remote: https://rubygems.org/
  specs:
    diff-lcs (1.2.5)
    et-orbi (1.0.5)
      tzinfo
    fugit (1.0.0)
      et-orbi (>= 1.0.5)
      raabro (~> 1.1)
    httpclient (2.8.3)
    jdbc-sqlite3 (3.8.11.2)
    munemo (1.0.1)
    raabro (1.1.3)
    rack (1.6.4)
    rspec (3.4.0)
      rspec-core (~> 3.4.0)
      rspec-expectations (~> 3.4.0)
      rspec-mocks (~> 3.4.0)
    rspec-core (3.4.4)
      rspec-support (~> 3.4.0)
    rspec-expectations (3.4.0)
      diff-lcs (>= 1.2.0, < 2.0)
      rspec-support (~> 3.4.0)
    rspec-mocks (3.4.1)
      diff-lcs (>= 1.2.0, < 2.0)
      rspec-support (~> 3.4.0)
    rspec-support (3.4.1)
    sequel (4.42.0)
    sqlite3 (1.3.11)
    thread_safe (0.3.6)
    thread_safe (0.3.6-java)
    tzinfo (1.2.3)
      thread_safe (~> 0.1)

PLATFORMS
  java
  ruby

DEPENDENCIES
  flack!
  flor!
  jdbc-sqlite3 (= 3.8.11.2)
  rspec (~> 3)
  sqlite3 (= 1.3.11)

BUNDLED WITH
   1.14.4
