PATH
  remote: .
  specs:
    flack (0.17.0)
      flor
      httpclient (~> 2.8)
      rack (~> 1.6)

GEM
  remote: https://rubygems.org/
  specs:
    concurrent-ruby (1.1.4)
    dense (1.1.6)
      raabro (~> 1.1, >= 1.1.5)
    diff-lcs (1.3)
    et-orbi (1.1.7)
      tzinfo
    flor (0.16.1)
      dense (~> 1.1, >= 1.1.6)
      fugit (~> 1.1, >= 1.1.8)
      munemo (~> 1.0, >= 1.0.1)
      raabro (~> 1.1, >= 1.1.5)
      sequel (~> 5)
    fugit (1.1.8)
      et-orbi (~> 1.1, >= 1.1.7)
      raabro (~> 1.1)
    httpclient (2.8.3)
    munemo (1.0.1)
    raabro (1.1.6)
    rack (1.6.11)
    rspec (3.8.0)
      rspec-core (~> 3.8.0)
      rspec-expectations (~> 3.8.0)
      rspec-mocks (~> 3.8.0)
    rspec-core (3.8.0)
      rspec-support (~> 3.8.0)
    rspec-expectations (3.8.2)
      diff-lcs (>= 1.2.0, < 2.0)
      rspec-support (~> 3.8.0)
    rspec-mocks (3.8.0)
      diff-lcs (>= 1.2.0, < 2.0)
      rspec-support (~> 3.8.0)
    rspec-support (3.8.0)
    sequel (5.17.0)
    sqlite3 (1.3.13)
    tzinfo (2.0.0)
      concurrent-ruby (~> 1.0)

PLATFORMS
  ruby

DEPENDENCIES
  flack!
  jdbc-sqlite3 (= 3.8.11.2)
  rspec (~> 3)
  sqlite3 (= 1.3.13)

BUNDLED WITH
   1.17.3
