PATH
  remote: .
  specs:
    flack (0.5.0)
      flor (= 0.5.0)
      rack (~> 1.6)
      sequel (~> 4)

PATH
  remote: ../flor/
  specs:
    flor (0.5.0)
      munemo (>= 1.0.1)
      raabro (>= 1.1.2)
      rufus-scheduler (~> 3)

GEM
  remote: https://rubygems.org/
  specs:
    diff-lcs (1.2.5)
    munemo (1.0.1)
    raabro (1.1.3)
    rack (1.6.4)
    rspec (3.4.0)
      rspec-core (~> 3.4.0)
      rspec-expectations (~> 3.4.0)
      rspec-mocks (~> 3.4.0)
    rspec-core (3.4.4)
      rspec-support (~> 3.4.0)
    rspec-expectations (3.4.0)
      diff-lcs (>= 1.2.0, < 2.0)
      rspec-support (~> 3.4.0)
    rspec-mocks (3.4.1)
      diff-lcs (>= 1.2.0, < 2.0)
      rspec-support (~> 3.4.0)
    rspec-support (3.4.1)
    rufus-scheduler (3.2.1)
    sequel (4.38.0)
    sqlite3 (1.3.11)

PLATFORMS
  ruby

DEPENDENCIES
  flack!
  flor!
  jdbc-sqlite3 (= 3.8.11.2)
  rspec (~> 3)
  sqlite3 (= 1.3.11)

BUNDLED WITH
   1.10.6
