GIT
  remote: https://github.com/floraison/flor
  revision: e14e9d8661ba54a7545f228644b08ecb22f57906
  specs:
    flor (0.15.0)
      fugit (>= 1.0.0)
      munemo (>= 1.0.1)
      raabro (>= 1.1.5)
      sequel (~> 4)

PATH
  remote: .
  specs:
    flack (0.11.0)
      flor (~> 0.11)
      httpclient (~> 2.8)
      rack (~> 1.6)
      sequel (~> 4)

GEM
  remote: https://rubygems.org/
  specs:
    diff-lcs (1.2.5)
    et-orbi (1.1.6)
      tzinfo
    fugit (1.1.6)
      et-orbi (~> 1.1, >= 1.1.6)
      raabro (~> 1.1)
    httpclient (2.8.3)
    jdbc-sqlite3 (3.8.11.2)
    munemo (1.0.1)
    raabro (1.1.6)
    rack (1.6.8)
    rspec (3.4.0)
      rspec-core (~> 3.4.0)
      rspec-expectations (~> 3.4.0)
      rspec-mocks (~> 3.4.0)
    rspec-core (3.4.4)
      rspec-support (~> 3.4.0)
    rspec-expectations (3.4.0)
      diff-lcs (>= 1.2.0, < 2.0)
      rspec-support (~> 3.4.0)
    rspec-mocks (3.4.1)
      diff-lcs (>= 1.2.0, < 2.0)
      rspec-support (~> 3.4.0)
    rspec-support (3.4.1)
    sequel (4.49.0)
    sqlite3 (1.3.11)
    thread_safe (0.3.6)
    thread_safe (0.3.6-java)
    tzinfo (1.2.5)
      thread_safe (~> 0.1)

PLATFORMS
  java
  ruby

DEPENDENCIES
  flack!
  flor!
  jdbc-sqlite3 (= 3.8.11.2)
  rspec (~> 3)
  sqlite3 (= 1.3.11)

BUNDLED WITH
   1.16.2
